PATH
  remote: lib/goby
  specs:
    goby (0.1.0)
      activesupport (~> 5.0)
      dry-types (~> 0.9)
      dry-validation (~> 0.10)
      kaminari (~> 0.17.0)

PATH
  remote: lib/manageiq_client
  specs:
    manageiq-client (0.1.0)
      excon (~> 0.53.0)

GEM
  remote: https://rubygems.org/
  remote: https://rails-assets.org/
  specs:
    actioncable (5.0.1)
      actionpack (= 5.0.1)
      nio4r (~> 1.2)
      websocket-driver (~> 0.6.1)
    actionmailer (5.0.1)
      actionpack (= 5.0.1)
      actionview (= 5.0.1)
      activejob (= 5.0.1)
      mail (~> 2.5, >= 2.5.4)
      rails-dom-testing (~> 2.0)
    actionpack (5.0.1)
      actionview (= 5.0.1)
      activesupport (= 5.0.1)
      rack (~> 2.0)
      rack-test (~> 0.6.3)
      rails-dom-testing (~> 2.0)
      rails-html-sanitizer (~> 1.0, >= 1.0.2)
    actionview (5.0.1)
      activesupport (= 5.0.1)
      builder (~> 3.1)
      erubis (~> 2.7.0)
      rails-dom-testing (~> 2.0)
      rails-html-sanitizer (~> 1.0, >= 1.0.2)
    activejob (5.0.1)
      activesupport (= 5.0.1)
      globalid (>= 0.3.6)
    activemodel (5.0.1)
      activesupport (= 5.0.1)
    activerecord (5.0.1)
      activemodel (= 5.0.1)
      activesupport (= 5.0.1)
      arel (~> 7.0)
    activesupport (5.0.1)
      concurrent-ruby (~> 1.0, >= 1.0.2)
      i18n (~> 0.7)
      minitest (~> 5.1)
      tzinfo (~> 1.1)
    acts-as-taggable-on (4.0.0)
      activerecord (>= 4.0)
    addressable (2.5.0)
      public_suffix (~> 2.0, >= 2.0.2)
    angular-rails-templates (1.0.2)
      railties (>= 4.2, < 6)
      sprockets (>= 3.0, < 5)
      tilt
    ansi (1.5.0)
    arel (7.1.4)
    autoprefixer-rails (6.6.1)
      execjs
    bcrypt (3.1.11)
    builder (3.2.2)
    byebug (9.0.6)
    coderay (1.1.1)
    concurrent-ruby (1.0.4)
    connection_pool (2.2.1)
    crack (0.4.3)
      safe_yaml (~> 1.0.0)
    docile (1.1.5)
    dotenv (2.1.1)
    dotenv-rails (2.1.1)
      dotenv (= 2.1.1)
      railties (>= 4.0, < 5.1)
    dry-configurable (0.5.0)
      concurrent-ruby (~> 1.0)
    dry-container (0.6.0)
      concurrent-ruby (~> 1.0)
      dry-configurable (~> 0.1, >= 0.1.3)
    dry-core (0.2.3)
      concurrent-ruby (~> 1.0)
    dry-equalizer (0.2.0)
    dry-logic (0.4.0)
      dry-container (~> 0.2, >= 0.2.6)
      dry-core (~> 0.1)
      dry-equalizer (~> 0.2)
    dry-types (0.9.3)
      concurrent-ruby (~> 1.0)
      dry-configurable (~> 0.1)
      dry-container (~> 0.3)
      dry-core (~> 0.2, >= 0.2.1)
      dry-equalizer (~> 0.2)
      dry-logic (~> 0.4, >= 0.4.0)
      inflecto (~> 0.0.0, >= 0.0.2)
    dry-validation (0.10.4)
      concurrent-ruby (~> 1.0)
      dry-configurable (~> 0.1, >= 0.1.3)
      dry-container (~> 0.2, >= 0.2.8)
      dry-core (~> 0.2, >= 0.2.1)
      dry-equalizer (~> 0.2)
      dry-logic (~> 0.4, >= 0.4.0)
      dry-types (~> 0.9, >= 0.9.0)
    erubis (2.7.0)
    excon (0.53.0)
    execjs (2.7.0)
    ffi (1.9.14)
    font-awesome-rails (4.7.0.1)
      railties (>= 3.2, < 5.1)
    globalid (0.3.7)
      activesupport (>= 4.1.0)
    haml (4.0.7)
      tilt
    hashdiff (0.3.2)
    i18n (0.7.0)
    inflecto (0.0.2)
    json (2.0.2)
    jwt (1.5.6)
    kaminari (0.17.0)
      actionpack (>= 3.0.0)
      activesupport (>= 3.0.0)
    libv8 (5.3.332.38.3)
    libv8 (5.3.332.38.3-x86_64-darwin-16)
    listen (3.0.8)
      rb-fsevent (~> 0.9, >= 0.9.4)
      rb-inotify (~> 0.9, >= 0.9.7)
    loofah (2.0.3)
      nokogiri (>= 1.5.9)
    mail (2.6.4)
      mime-types (>= 1.16, < 4)
    method_source (0.8.2)
    mime-types (3.1)
      mime-types-data (~> 3.2015)
    mime-types-data (3.2016.0521)
    mini_portile2 (2.1.0)
    mini_racer (0.1.7)
      libv8 (~> 5.3)
    minitest (5.10.1)
    minitest-rails (3.0.0)
      minitest (~> 5.8)
      railties (~> 5.0)
    minitest-reporters (1.1.13)
      ansi
      builder
      minitest (>= 5.0)
      ruby-progressbar
    ngannotate-rails (1.2.2)
      execjs
      rails (>= 3.1)
    nio4r (1.2.1)
    nokogiri (1.7.0.1)
      mini_portile2 (~> 2.1.0)
    paranoia (2.2.0)
      activerecord (>= 4.0, < 5.1)
    pg (0.19.0)
    pg_search (1.0.6)
      activerecord (>= 3.1)
      activesupport (>= 3.1)
      arel
    pry (0.10.4)
      coderay (~> 1.1.0)
      method_source (~> 0.8.1)
      slop (~> 3.4)
    pry-rails (0.3.4)
      pry (>= 0.9.10)
    public_suffix (2.0.5)
    puma (3.6.2)
    rack (2.0.1)
    rack-cors (0.4.0)
    rack-protection (1.5.3)
      rack
    rack-test (0.6.3)
      rack (>= 1.0)
    rails (5.0.1)
      actioncable (= 5.0.1)
      actionmailer (= 5.0.1)
      actionpack (= 5.0.1)
      actionview (= 5.0.1)
      activejob (= 5.0.1)
      activemodel (= 5.0.1)
      activerecord (= 5.0.1)
      activesupport (= 5.0.1)
      bundler (>= 1.3.0, < 2.0)
      railties (= 5.0.1)
      sprockets-rails (>= 2.0.0)
    rails-assets-angular (1.5.10)
    rails-assets-angular-animate (1.5.10)
      rails-assets-angular (= 1.5.10)
    rails-assets-angular-aria (1.5.10)
      rails-assets-angular (= 1.5.10)
    rails-assets-angular-chart.js (1.1.1)
      rails-assets-angular (~> 1.0)
      rails-assets-chart.js (~> 2.0)
    rails-assets-angular-loading-bar (0.9.0)
      rails-assets-angular (>= 1.2.9, < 2)
    rails-assets-angular-messages (1.5.10)
      rails-assets-angular (= 1.5.10)
    rails-assets-angular-moment (1.0.1)
      rails-assets-angular (>= 1.2.0, < 1.7.0)
      rails-assets-moment (>= 2.8.0, < 3.0.0)
    rails-assets-angular-sanitize (1.5.10)
      rails-assets-angular (= 1.5.10)
    rails-assets-angular-toastr (2.1.1)
      rails-assets-angular (>= 1.3.0)
    rails-assets-bulma (0.3.0)
    rails-assets-chart.js (2.4.0)
    rails-assets-moment (2.15.2)
    rails-assets-ng-dialog (0.6.6)
      rails-assets-angular (>= 1.5)
    rails-assets-ng-tags-input (3.1.1)
      rails-assets-angular (>= 1.3.0)
    rails-assets-satellizer (0.15.5)
      rails-assets-angular (>= 1.3.0, < 1.6)
    rails-dom-testing (2.0.2)
      activesupport (>= 4.2.0, < 6.0)
      nokogiri (~> 1.6)
    rails-html-sanitizer (1.0.3)
      loofah (~> 2.0)
    railties (5.0.1)
      actionpack (= 5.0.1)
      activesupport (= 5.0.1)
      method_source
      rake (>= 0.8.7)
      thor (>= 0.18.1, < 2.0)
    rake (12.0.0)
    rb-fsevent (0.9.8)
    rb-inotify (0.9.7)
      ffi (>= 0.5.0)
    redis (3.3.5)
    redis-store (1.4.1)
      redis (>= 2.2, < 5)
    ruby-progressbar (1.8.1)
    rufus-scheduler (3.3.4)
      tzinfo
    safe_yaml (1.0.4)
    sass (3.4.23)
    sassc (1.11.1)
      bundler
      ffi (~> 1.9.6)
      sass (>= 3.3.0)
    sassc-rails (1.3.0)
      railties (>= 4.0.0)
      sass
      sassc (~> 1.9)
      sprockets (> 2.11)
      sprockets-rails
      tilt
    scenic (1.3.0)
      activerecord (>= 4.0.0)
      railties (>= 4.0.0)
    sidekiq (4.2.7)
      concurrent-ruby (~> 1.0)
      connection_pool (~> 2.2, >= 2.2.0)
      rack-protection (>= 1.5.0)
      redis (~> 3.2, >= 3.2.1)
    simplecov (0.12.0)
      docile (~> 1.1.0)
      json (>= 1.8, < 3)
      simplecov-html (~> 0.10.0)
    simplecov-html (0.10.0)
    slop (3.6.0)
    spring (2.0.0)
      activesupport (>= 4.2)
    spring-commands-testunit (1.0.1)
      spring (>= 0.9.1)
    spring-watcher-listen (2.0.1)
      listen (>= 2.7, < 4.0)
      spring (>= 1.2, < 3.0)
    sprockets (3.7.1)
      concurrent-ruby (~> 1.0)
      rack (> 1, < 3)
    sprockets-rails (3.2.0)
      actionpack (>= 4.0)
      activesupport (>= 4.0)
      sprockets (>= 3.0.0)
    state_machines (0.4.0)
    state_machines-activemodel (0.4.0)
      activemodel (>= 4.1, < 5.1)
      state_machines (>= 0.4.0)
    state_machines-activerecord (0.4.0)
      activerecord (>= 4.1, < 5.1)
      state_machines-activemodel (>= 0.3.0)
    thor (0.19.4)
    thread_safe (0.3.6)
    tilt (2.0.5)
    tzinfo (1.2.2)
      thread_safe (~> 0.1)
    uglifier (3.0.4)
      execjs (>= 0.3.0, < 3)
    webmock (2.3.2)
      addressable (>= 2.3.6)
      crack (>= 0.3.2)
      hashdiff
    websocket-driver (0.6.4)
      websocket-extensions (>= 0.1.0)
    websocket-extensions (0.1.2)
    with_advisory_lock (3.1.0)
      activerecord (>= 3.2)
      thread_safe

PLATFORMS
  ruby
  x86_64-darwin-16

DEPENDENCIES
  acts-as-taggable-on (~> 4.0.0)
  angular-rails-templates
  autoprefixer-rails
  bcrypt (~> 3.1.7)
  byebug
  dotenv-rails
  dry-validation
  font-awesome-rails
  goby!
  haml
  jwt
  kaminari
  listen (~> 3.0.5)
  manageiq-client!
  mini_racer
  minitest
  minitest-rails
  minitest-reporters
  ngannotate-rails
  paranoia (~> 2.2.0)
  pg (~> 0.18)
  pg_search (~> 1.0.0)
  pry-rails
  puma (~> 3.0)
  rack-cors
  rails (~> 5.0.0, >= 5.0.0.1)
  rails-assets-angular (~> 1.5.0)!
  rails-assets-angular-animate (~> 1.5.0)!
  rails-assets-angular-aria (~> 1.5.0)!
  rails-assets-angular-chart.js (~> 1.1.0)!
  rails-assets-angular-loading-bar (~> 0.9.0)!
  rails-assets-angular-messages (~> 1.5.0)!
  rails-assets-angular-moment (~> 1.0.0)!
  rails-assets-angular-sanitize (~> 1.5.0)!
  rails-assets-angular-toastr (~> 2.1.0)!
  rails-assets-bulma (~> 0.3.0)!
  rails-assets-chart.js (~> 2.4.0)!
  rails-assets-moment (~> 2.15.0)!
  rails-assets-ng-dialog (~> 0.6.0)!
  rails-assets-ng-tags-input (~> 3.1.0)!
  rails-assets-satellizer (~> 0.15.0)!
  redis (~> 3.0)
  redis-store
  rufus-scheduler
  sassc-rails
  scenic (~> 1.3.0)
  sidekiq
  simplecov
  spring
  spring-commands-testunit
  spring-watcher-listen (~> 2.0.0)
  sprockets-rails
  state_machines
  state_machines-activerecord (~> 0.4.0)
  tzinfo-data
  uglifier
  webmock
  with_advisory_lock (~> 3.1.0)

BUNDLED WITH
   1.15.3
